GEM
  remote: https://rubygems.org/
  specs:
    redis (4.1.3)
    redlock (1.2.0)
      redis (>= 3.0.0, < 5.0)
    redrate (0.1.0)
      redis
      redlock
    ruby-limiter (1.0.1)

PLATFORMS
  ruby

DEPENDENCIES
  redrate
  ruby-limiter

RUBY VERSION
   ruby 2.6.5p114

BUNDLED WITH
   2.1.4
